GEM
  remote: https://rubygems.org/
  specs:
    alfred-workflow (2.0.5)
      fuzzy_match (>= 2.0.4)
      gyoku (>= 1.1.0)
      moneta (>= 0.7.19)
      nori (>= 2.3.0)
      plist (>= 3.1.0)
      terminal-notifier (>= 1.5.0)
    builder (3.2.2)
    fuzzy_match (2.1.0)
    gyoku (1.2.2)
      builder (>= 2.1.2)
    mime-types (2.4.3)
    moneta (0.8.0)
    netrc (0.10.2)
    nori (2.4.0)
    plist (3.1.0)
    rest-client (1.7.2)
      mime-types (>= 1.16, < 3.0)
      netrc (~> 0.7)
    terminal-notifier (1.6.2)

PLATFORMS
  ruby

DEPENDENCIES
  alfred-workflow
  plist
  rest-client
